GEM
  remote: https://rubygems.org/
  specs:
    activemodel (3.2.17)
      activesupport (= 3.2.17)
      builder (~> 3.0.0)
    activesupport (3.2.17)
      i18n (~> 0.6, >= 0.6.4)
      multi_json (~> 1.0)
    bson (1.9.2)
    builder (3.0.4)
    faraday (0.9.0)
      multipart-post (>= 1.2, < 3)
    google_drive (0.3.9)
      nokogiri (>= 1.4.4, != 1.5.2, != 1.5.1)
      oauth (>= 0.3.6)
      oauth2 (>= 0.5.0)
    i18n (0.6.9)
    jwt (0.1.13)
      multi_json (>= 1.5)
    mail (2.5.4)
      mime-types (~> 1.16)
      treetop (~> 1.4.8)
    mime-types (1.25.1)
    mini_portile (0.6.0)
    mongo (1.9.2)
      bson (~> 1.9.2)
    mongoid (3.1.6)
      activemodel (~> 3.2)
      moped (~> 1.4)
      origin (~> 1.0)
      tzinfo (~> 0.3.29)
    moped (1.5.2)
    multi_json (1.9.0)
    multi_xml (0.5.5)
    multipart-post (2.0.0)
    nokogiri (1.6.2.1-x86-mingw32)
      mini_portile (= 0.6.0)
    oauth (0.4.7)
    oauth2 (0.9.3)
      faraday (>= 0.8, < 0.10)
      jwt (~> 0.1.8)
      multi_json (~> 1.3)
      multi_xml (~> 0.5)
      rack (~> 1.2)
    origin (1.1.0)
    polyglot (0.3.3)
    pony (1.8)
      mail (>= 2.0)
    rack (1.5.2)
    rack-protection (1.5.2)
      rack
    sinatra (1.4.4)
      rack (~> 1.4)
      rack-protection (~> 1.4)
      tilt (~> 1.3, >= 1.3.4)
    tilt (1.4.1)
    treetop (1.4.15)
      polyglot
      polyglot (>= 0.3.1)
    tzinfo (0.3.39)

PLATFORMS
  x86-mingw32

DEPENDENCIES
  google_drive
  mongo
  mongoid
  pony
  sinatra
